GEM
  remote: https://rubygems.org/
  specs:
    backports (3.11.4)
    google_suggest (1.0.1)
    minitest (5.11.3)
    multi_json (1.13.1)
    mustermann (1.0.3)
    pebbles-dajare (1.0.1)
      google_suggest (~> 1.0.0)
    rack (2.0.8)
    rack-protection (2.0.5)
      rack
    rack-test (1.1.0)
      rack (>= 1.0, < 3)
    rake (12.3.2)
    sinatra (2.0.5)
      mustermann (~> 1.0)
      rack (~> 2.0)
      rack-protection (= 2.0.5)
      tilt (~> 2.0)
    sinatra-contrib (2.0.5)
      backports (>= 2.8.2)
      multi_json
      mustermann (~> 1.0)
      rack-protection (= 2.0.5)
      sinatra (= 2.0.5)
      tilt (>= 1.3, < 3)
    tilt (2.0.9)

PLATFORMS
  ruby

DEPENDENCIES
  minitest
  pebbles-dajare
  rack-test
  rake
  sinatra (~> 2.0.2)
  sinatra-contrib

RUBY VERSION
   ruby 2.6.3p62

BUNDLED WITH
   1.17.2
