GEM
  remote: https://rubygems.org/
  specs:
    google_suggest (1.0.3)
    minitest (5.17.0)
    multi_json (1.15.0)
    mustermann (3.0.0)
      ruby2_keywords (~> 0.0.1)
    nio4r (2.5.8)
    pebbles-dajare (1.0.1)
      google_suggest (~> 1.0.0)
    puma (6.0.2)
      nio4r (~> 2.0)
    rack (2.2.6.2)
    rack-protection (3.0.5)
      rack
    rack-test (2.0.2)
      rack (>= 1.3)
    rake (13.0.6)
    rexml (3.2.5)
    ruby2_keywords (0.0.5)
    sinatra (3.0.5)
      mustermann (~> 3.0)
      rack (~> 2.2, >= 2.2.4)
      rack-protection (= 3.0.5)
      tilt (~> 2.0)
    sinatra-contrib (3.0.5)
      multi_json
      mustermann (~> 3.0)
      rack-protection (= 3.0.5)
      sinatra (= 3.0.5)
      tilt (~> 2.0)
    tilt (2.0.11)

PLATFORMS
  ruby

DEPENDENCIES
  minitest
  pebbles-dajare
  puma
  rack-test
  rake
  rexml
  sinatra (~> 3.0)
  sinatra-contrib (~> 3.0)

RUBY VERSION
   ruby 3.1.0p0

BUNDLED WITH
   2.2.3
