GEM
  remote: http://rubygems.org/
  specs:
    google_suggest (0.0.3)
      nokogiri
    nokogiri (1.5.2)
    pebbles-dajare (0.1.0)
      google_suggest
    rack (1.4.1)
    rack-protection (1.2.0)
      rack
    sinatra (1.3.2)
      rack (~> 1.3, >= 1.3.6)
      rack-protection (~> 1.2)
      tilt (~> 1.3, >= 1.3.3)
    tilt (1.3.3)

PLATFORMS
  ruby

DEPENDENCIES
  pebbles-dajare
  sinatra
